GEM
  remote: https://rubygems.org/
  specs:
    aasm (4.11.1)
    actionmailer (4.2.2)
      actionpack (= 4.2.2)
      actionview (= 4.2.2)
      activejob (= 4.2.2)
      mail (~> 2.5, >= 2.5.4)
      rails-dom-testing (~> 1.0, >= 1.0.5)
    actionpack (4.2.2)
      actionview (= 4.2.2)
      activesupport (= 4.2.2)
      rack (~> 1.6)
      rack-test (~> 0.6.2)
      rails-dom-testing (~> 1.0, >= 1.0.5)
      rails-html-sanitizer (~> 1.0, >= 1.0.1)
    actionview (4.2.2)
      activesupport (= 4.2.2)
      builder (~> 3.1)
      erubis (~> 2.7.0)
      rails-dom-testing (~> 1.0, >= 1.0.5)
      rails-html-sanitizer (~> 1.0, >= 1.0.1)
    activejob (4.2.2)
      activesupport (= 4.2.2)
      globalid (>= 0.3.0)
    activemodel (4.2.2)
      activesupport (= 4.2.2)
      builder (~> 3.1)
    activerecord (4.2.2)
      activemodel (= 4.2.2)
      activesupport (= 4.2.2)
      arel (~> 6.0)
    activesupport (4.2.2)
      i18n (~> 0.7)
      json (~> 1.7, >= 1.7.7)
      minitest (~> 5.1)
      thread_safe (~> 0.3, >= 0.3.4)
      tzinfo (~> 1.1)
    administrate (0.3.0)
      autoprefixer-rails (~> 6.0)
      bourbon (~> 4.2)
      datetime_picker_rails (~> 0.0.7)
      jquery-rails (~> 4.0)
      kaminari (~> 0.16)
      momentjs-rails (~> 2.8)
      neat (~> 1.1)
      normalize-rails (~> 3.0)
      rails (>= 4.2, < 5.1)
      sass-rails (~> 5.0)
      selectize-rails (~> 0.6)
    arel (6.0.3)
    ast (2.3.0)
    audited (4.3.0)
      activerecord (>= 4.0, < 5.1)
      rails-observers (~> 0.1.2)
    autoprefixer-rails (6.5.3)
      execjs
    bcrypt (3.1.11)
    bitcoin-cigs (0.0.7)
    bootstrap-kaminari-views (0.0.5)
      kaminari (>= 0.13)
      rails (>= 3.1)
    bourbon (4.2.7)
      sass (~> 3.4)
      thor (~> 0.19)
    builder (3.2.2)
    coderay (1.1.1)
    coffee-rails (4.0.1)
      coffee-script (>= 2.2.0)
      railties (>= 4.0.0, < 5.0)
    coffee-script (2.4.1)
      coffee-script-source
      execjs
    coffee-script-source (1.10.0)
    commonjs (0.2.7)
    concurrent-ruby (1.0.2)
    datetime_picker_rails (0.0.7)
      momentjs-rails (>= 2.8.1)
    devise (4.2.0)
      bcrypt (~> 3.0)
      orm_adapter (~> 0.1)
      railties (>= 4.1.0, < 5.1)
      responders
      warden (~> 1.2.3)
    easy_translate (0.5.0)
      json
      thread
      thread_safe
    erubis (2.7.0)
    execjs (2.7.0)
    friendly_id (5.1.0)
      activerecord (>= 4.0.0)
    globalid (0.3.7)
      activesupport (>= 4.1.0)
    highline (1.7.8)
    i18n (0.7.0)
    i18n-tasks (0.9.6)
      activesupport (>= 4.0.2)
      ast (>= 2.1.0)
      easy_translate (>= 0.5.0)
      erubis
      highline (>= 1.7.3)
      i18n
      parser (>= 2.2.3.0)
      term-ansicolor (>= 1.3.2)
      terminal-table (>= 1.5.1)
    jbuilder (2.6.0)
      activesupport (>= 3.0.0, < 5.1)
      multi_json (~> 1.2)
    jquery-rails (4.2.1)
      rails-dom-testing (>= 1, < 3)
      railties (>= 4.2.0)
      thor (>= 0.14, < 2.0)
    json (1.8.3)
    kaminari (0.17.0)
      actionpack (>= 3.0.0)
      activesupport (>= 3.0.0)
    less (2.6.0)
      commonjs (~> 0.2.7)
    less-rails (2.8.0)
      actionpack (>= 4.0)
      less (~> 2.6.0)
      sprockets (> 2, < 4)
      tilt
    loofah (2.0.3)
      nokogiri (>= 1.5.9)
    mail (2.6.4)
      mime-types (>= 1.16, < 4)
    meta-tags (2.3.1)
      actionpack (>= 3.2.0, <= 5.1.0)
    method_source (0.8.2)
    mime-types (3.1)
      mime-types-data (~> 3.2015)
    mime-types-data (3.2016.0521)
    mini_portile2 (2.1.0)
    minitest (5.9.1)
    momentjs-rails (2.15.1)
      railties (>= 3.1)
    multi_json (1.12.1)
    neat (1.8.0)
      sass (>= 3.3)
      thor (~> 0.19)
    nokogiri (1.6.8.1)
      mini_portile2 (~> 2.1.0)
    normalize-rails (3.0.3)
    orm_adapter (0.5.0)
    parser (2.3.1.4)
      ast (~> 2.2)
    pg (0.19.0)
    pry (0.10.4)
      coderay (~> 1.1.0)
      method_source (~> 0.8.1)
      slop (~> 3.4)
    pry-nav (0.2.4)
      pry (>= 0.9.10, < 0.11.0)
    pry-rails (0.3.4)
      pry (>= 0.9.10)
    puma (3.6.0)
    rack (1.6.5)
    rack-test (0.6.3)
      rack (>= 1.0)
    rails (4.2.2)
      actionmailer (= 4.2.2)
      actionpack (= 4.2.2)
      actionview (= 4.2.2)
      activejob (= 4.2.2)
      activemodel (= 4.2.2)
      activerecord (= 4.2.2)
      activesupport (= 4.2.2)
      bundler (>= 1.3.0, < 2.0)
      railties (= 4.2.2)
      sprockets-rails
    rails-deprecated_sanitizer (1.0.3)
      activesupport (>= 4.2.0.alpha)
    rails-dom-testing (1.0.7)
      activesupport (>= 4.2.0.beta, < 5.0)
      nokogiri (~> 1.6.0)
      rails-deprecated_sanitizer (>= 1.0.1)
    rails-html-sanitizer (1.0.3)
      loofah (~> 2.0)
    rails-observers (0.1.2)
      activemodel (~> 4.0)
    rails_12factor (0.0.3)
      rails_serve_static_assets
      rails_stdout_logging
    rails_serve_static_assets (0.0.5)
    rails_stdout_logging (0.0.5)
    railties (4.2.2)
      actionpack (= 4.2.2)
      activesupport (= 4.2.2)
      rake (>= 0.8.7)
      thor (>= 0.18.1, < 2.0)
    rake (11.3.0)
    rdoc (4.3.0)
    responders (2.3.0)
      railties (>= 4.2.0, < 5.1)
    sass (3.4.22)
    sass-rails (5.0.6)
      railties (>= 4.0.0, < 6)
      sass (~> 3.1)
      sprockets (>= 2.8, < 4.0)
      sprockets-rails (>= 2.0, < 4.0)
      tilt (>= 1.1, < 3)
    sdoc (0.4.2)
      json (~> 1.7, >= 1.7.7)
      rdoc (~> 4.0)
    selectize-rails (0.12.4)
    slim (3.0.7)
      temple (~> 0.7.6)
      tilt (>= 1.3.3, < 2.1)
    slim-rails (3.1.1)
      actionpack (>= 3.1)
      railties (>= 3.1)
      slim (~> 3.0)
    slop (3.6.0)
    spring (2.0.0)
      activesupport (>= 4.2)
    sprockets (3.7.0)
      concurrent-ruby (~> 1.0)
      rack (> 1, < 3)
    sprockets-rails (3.2.0)
      actionpack (>= 4.0)
      activesupport (>= 4.0)
      sprockets (>= 3.0.0)
    sqlite3 (1.3.12)
    temple (0.7.7)
    term-ansicolor (1.4.0)
      tins (~> 1.0)
    terminal-table (1.7.3)
      unicode-display_width (~> 1.1.1)
    thor (0.19.1)
    thread (0.2.2)
    thread_safe (0.3.5)
    tilt (2.0.5)
    tins (1.12.0)
    turbolinks (5.0.1)
      turbolinks-source (~> 5)
    turbolinks-source (5.0.0)
    twitter-bootstrap-rails (3.2.2)
      actionpack (>= 3.1)
      execjs (>= 2.2.2, >= 2.2)
      less-rails (>= 2.5.0)
      railties (>= 3.1)
    tzinfo (1.2.2)
      thread_safe (~> 0.1)
    uglifier (3.0.3)
      execjs (>= 0.3.0, < 3)
    unicode-display_width (1.1.1)
    warden (1.2.6)
      rack (>= 1.0)

PLATFORMS
  ruby

DEPENDENCIES
  aasm
  administrate (~> 0.3.0)
  audited
  bitcoin-cigs
  bootstrap-kaminari-views
  bourbon
  coffee-rails (~> 4.0.0)
  devise
  friendly_id (~> 5.1.0)
  i18n-tasks
  jbuilder (~> 2.0)
  jquery-rails
  kaminari
  meta-tags
  pg
  pry-nav
  pry-rails
  puma
  rails (= 4.2.2)
  rails_12factor
  responders (~> 2.0)
  sass-rails
  sdoc (~> 0.4.0)
  slim-rails
  spring
  sqlite3
  turbolinks
  twitter-bootstrap-rails
  uglifier (>= 1.3.0)

RUBY VERSION
   ruby 2.3.1p112

BUNDLED WITH
   1.13.1
